GEM
  remote: https://rubygems.org/
  specs:
    activemodel (3.2.13)
      activesupport (= 3.2.13)
      builder (~> 3.0.0)
    activesupport (3.2.13)
      i18n (= 0.6.1)
      multi_json (~> 1.0)
    builder (3.0.4)
    coderay (1.1.0)
    colorize (0.5.8)
    diff-lcs (1.1.2)
    eventmachine (1.0.7)
    i18n (0.6.1)
    method_source (0.8.2)
    mongoid (3.1.2)
      activemodel (~> 3.2)
      moped (~> 1.4.2)
      origin (~> 1.0)
      tzinfo (~> 0.3.22)
    moped (1.4.4)
    multi_json (1.7.2)
    origin (1.0.11)
    pry (0.10.0)
      coderay (~> 1.1.0)
      method_source (~> 0.8.1)
      slop (~> 3.4)
    rspec (2.6.0)
      rspec-core (~> 2.6.0)
      rspec-expectations (~> 2.6.0)
      rspec-mocks (~> 2.6.0)
    rspec-core (2.6.4)
    rspec-expectations (2.6.0)
      diff-lcs (~> 1.1.2)
    rspec-mocks (2.6.0)
    slop (3.5.0)
    tzinfo (0.3.37)

PLATFORMS
  ruby

DEPENDENCIES
  coderay
  colorize
  eventmachine
  mongoid
  pry
  rspec
